GEM
  remote: https://rubygems.org/
  specs:
    backports (3.17.0)
    bcrypt (3.1.13)
    colorize (0.8.1)
    concurrent-ruby (1.1.6)
    daemons (1.3.1)
    env (0.3.0)
    eventmachine (1.2.7)
    faraday (1.0.0)
      multipart-post (>= 1.2, < 3)
    faraday_middleware (1.0.0.rc1)
      faraday (~> 1.0)
    jwt (2.2.1)
    logger (1.4.2)
    multi_json (1.14.1)
    multipart-post (2.1.1)
    mustermann (1.1.1)
      ruby2_keywords (~> 0.0.1)
    rack (2.0.9)
    rack-protection (2.0.8.1)
      rack
    rethinkdb (2.4.0.0)
    ruby2_keywords (0.0.2)
    semantic_logger (4.6.1)
      concurrent-ruby (~> 1.0)
    sinatra (2.0.8.1)
      mustermann (~> 1.0)
      rack (~> 2.0)
      rack-protection (= 2.0.8.1)
      tilt (~> 2.0)
    sinatra-contrib (2.0.8.1)
      backports (>= 2.8.2)
      multi_json
      mustermann (~> 1.0)
      rack-protection (= 2.0.8.1)
      sinatra (= 2.0.8.1)
      tilt (~> 2.0)
    sinatra-logger (0.3.2)
      semantic_logger
      sinatra
    thin (1.7.2)
      daemons (~> 1.0, >= 1.0.9)
      eventmachine (~> 1.0, >= 1.0.4)
      rack (>= 1, < 3)
    tilt (2.0.10)

PLATFORMS
  ruby

DEPENDENCIES
  bcrypt
  colorize
  env
  faraday
  faraday_middleware
  jwt
  logger
  rack (~> 2.0.8)
  rethinkdb
  sinatra
  sinatra-contrib
  sinatra-logger
  thin

BUNDLED WITH
   2.1.4
